GEM
  remote: http://ruby.taobao.org/
  specs:
    builder (3.0.0)
    mysql2 (0.3.11)
    rack (1.4.1)
    rack-protection (1.2.0)
      rack
    rack-test (0.6.1)
      rack (>= 1.0)
    rake (0.9.2.2)
    rakismet (1.3.0)
    redcarpet (2.2.2)
    sequel (3.38.0)
    sinatra (1.3.2)
      rack (~> 1.3, >= 1.3.6)
      rack-protection (~> 1.2)
      tilt (~> 1.3, >= 1.3.3)
    tilt (1.3.3)

PLATFORMS
  ruby

DEPENDENCIES
  builder
  mysql2
  rack-test
  rake
  rakismet (~> 1.3.0)
  redcarpet
  sequel
  sinatra
